GEM
  remote: http://rubygems.org/
  specs:
    childprocess (0.3.9)
      ffi (~> 1.0, >= 1.0.11)
    deep_test (1.2.2)
    diff-lcs (1.2.1)
    ffi (1.5.0)
    hoe (3.5.2)
      rake (>= 0.8, < 11.0)
    lorax (0.2.0)
      nokogiri (>= 1.4.0)
    multi_json (1.7.1)
    nokogiri (1.5.9)
    parallel (0.6.4)
    parallel_tests (0.10.4)
      parallel
    rake (10.0.4)
    rspec (2.13.0)
      rspec-core (~> 2.13.0)
      rspec-expectations (~> 2.13.0)
      rspec-mocks (~> 2.13.0)
    rspec-core (2.13.1)
    rspec-expectations (2.13.0)
      diff-lcs (>= 1.1.3, < 2.0)
    rspec-mocks (2.13.0)
    rubyzip (0.9.9)
    selenium-client (1.2.18)
    selenium-webdriver (2.31.0)
      childprocess (>= 0.2.5)
      multi_json (~> 1.0)
      rubyzip
      websocket (~> 1.0.4)
    spec_ui (0.2.4)
      hoe (>= 1.2.2)
    websocket (1.0.7)

PLATFORMS
  ruby

DEPENDENCIES
  deep_test (~> 1.2.2)
  lorax (~> 0.2.0)
  nokogiri (~> 1.5.9)
  parallel_tests (~> 0.10.4)
  rspec (~> 2.13.0)
  selenium-client (~> 1.2.18)
  selenium-webdriver (~> 2.31.0)
  spec_ui (~> 0.2.4)
